GEM
  remote: https://rubygems.org/
  specs:
    amq-protocol (2.3.3)
    ast (2.4.3)
    bunny (2.24.0)
      amq-protocol (~> 2.3)
      sorted_set (~> 1, >= 1.0.2)
    coderay (1.1.3)
    date (3.4.1)
    diff-lcs (1.6.2)
    dotenv (3.1.8)
    faraday (2.13.4)
      faraday-net_http (>= 2.0, < 3.5)
      json
      logger
    faraday-net_http (3.4.1)
      net-http (>= 0.5.0)
    json (2.14.1)
    language_server-protocol (3.17.0.5)
    lint_roller (1.1.0)
    logger (1.7.0)
    mail (2.8.1)
      mini_mime (>= 0.1.1)
      net-imap
      net-pop
      net-smtp
    method_source (1.1.0)
    mini_mime (1.1.5)
    net-http (0.6.0)
      uri
    net-imap (0.5.7)
      date
      net-protocol
    net-pop (0.1.2)
      net-protocol
    net-protocol (0.2.2)
      timeout
    net-smtp (0.5.1)
      net-protocol
    parallel (1.27.0)
    parser (3.3.9.0)
      ast (~> 2.4.1)
      racc
    pkg-config (1.6.0)
    prism (1.4.0)
    pry (0.15.2)
      coderay (~> 1.1)
      method_source (~> 1.0)
    racc (1.8.1)
    rainbow (3.1.1)
    rbtree (0.4.6)
    regexp_parser (2.11.2)
    rspec (3.13.1)
      rspec-core (~> 3.13.0)
      rspec-expectations (~> 3.13.0)
      rspec-mocks (~> 3.13.0)
    rspec-core (3.13.4)
      rspec-support (~> 3.13.0)
    rspec-expectations (3.13.5)
      diff-lcs (>= 1.2.0, < 2.0)
      rspec-support (~> 3.13.0)
    rspec-mocks (3.13.5)
      diff-lcs (>= 1.2.0, < 2.0)
      rspec-support (~> 3.13.0)
    rspec-support (3.13.4)
    rubocop (1.80.2)
      json (~> 2.3)
      language_server-protocol (~> 3.17.0.2)
      lint_roller (~> 1.1.0)
      parallel (~> 1.10)
      parser (>= 3.3.0.2)
      rainbow (>= 2.2.2, < 4.0)
      regexp_parser (>= 2.9.3, < 3.0)
      rubocop-ast (>= 1.46.0, < 2.0)
      ruby-progressbar (~> 1.7)
      unicode-display_width (>= 2.4.0, < 4.0)
    rubocop-ast (1.46.0)
      parser (>= 3.3.7.2)
      prism (~> 1.4)
    rubocop-performance (1.26.0)
      lint_roller (~> 1.1)
      rubocop (>= 1.75.0, < 2.0)
      rubocop-ast (>= 1.44.0, < 2.0)
    rubocop-rspec (3.7.0)
      lint_roller (~> 1.1)
      rubocop (~> 1.72, >= 1.72.1)
    ruby-progressbar (1.13.0)
    set (1.1.1)
    sorted_set (1.0.3)
      rbtree
      set (~> 1.0)
    timeout (0.4.3)
    unicode-display_width (3.2.0)
      unicode-emoji (~> 4.1)
    unicode-emoji (4.1.0)
    uri (1.0.3)
    xmlhash (1.3.9)
      pkg-config

PLATFORMS
  ruby

DEPENDENCIES
  bunny
  dotenv
  faraday
  json
  mail
  net-smtp
  pry
  rspec
  rubocop
  rubocop-performance
  rubocop-rspec
  xmlhash

BUNDLED WITH
   2.6.2
